GEM
  specs:
    minitest (5.8.3)
    minitest-assert_errors (0.1.0)
      minitest

PLATFORMS
  ruby

DEPENDENCIES
  minitest
  minitest-assert_errors

BUNDLED WITH
   1.11.2
